GEM
  remote: http://rubygems.org/
  specs:
    actionmailer (3.2.22.5)
      actionpack (= 3.2.22.5)
      mail (~> 2.5.4)
    actionpack (3.2.22.5)
      activemodel (= 3.2.22.5)
      activesupport (= 3.2.22.5)
      builder (~> 3.0.0)
      erubis (~> 2.7.0)
      journey (~> 1.0.4)
      rack (~> 1.4.5)
      rack-cache (~> 1.2)
      rack-test (~> 0.6.1)
      sprockets (~> 2.2.1)
    activemodel (3.2.22.5)
      activesupport (= 3.2.22.5)
      builder (~> 3.0.0)
    activerecord (3.2.22.5)
      activemodel (= 3.2.22.5)
      activesupport (= 3.2.22.5)
      arel (~> 3.0.2)
      tzinfo (~> 0.3.29)
    activeresource (3.2.22.5)
      activemodel (= 3.2.22.5)
      activesupport (= 3.2.22.5)
    activesupport (3.2.22.5)
      i18n (~> 0.6, >= 0.6.4)
      multi_json (~> 1.0)
    arel (3.0.3)
    builder (3.0.4)
    byebug (8.2.5)
    concurrent-ruby (1.0.5)
    cypress-on-rails (1.1.0)
      rack
    database_cleaner (1.7.0)
    diff-lcs (1.3)
    docile (1.3.1)
    erubis (2.7.0)
    execjs (2.7.0)
    factory_bot (4.10.0)
      activesupport (>= 3.0.0)
    hashie (3.5.7)
    hike (1.2.3)
    i18n (0.9.5)
      concurrent-ruby (~> 1.0)
    journey (1.0.4)
    jquery-rails (2.3.0)
      railties (>= 3.0, < 5.0)
      thor (>= 0.14, < 2.0)
    json (2.1.0)
    libv8 (3.16.14.19)
    mail (2.5.5)
      mime-types (~> 1.16)
      treetop (~> 1.4.8)
    mime-types (1.25.1)
    multi_json (1.13.1)
    omniauth (1.4.2)
      hashie (>= 1.2, < 4)
      rack (>= 1.0, < 3)
    pg (1.0.0)
    pg (1.0.0-x86-mingw32)
    polyglot (0.3.5)
    power_assert (1.1.3)
    puma (3.12.0)
    pundit (2.0.0)
      activesupport (>= 3.0.0)
    rack (1.4.7)
    rack-cache (1.8.0)
      rack (>= 0.4)
    rack-ssl (1.3.4)
      rack
    rack-test (0.6.3)
      rack (>= 1.0)
    rails (3.2.22.5)
      actionmailer (= 3.2.22.5)
      actionpack (= 3.2.22.5)
      activerecord (= 3.2.22.5)
      activeresource (= 3.2.22.5)
      activesupport (= 3.2.22.5)
      bundler (~> 1.0)
      railties (= 3.2.22.5)
    railties (3.2.22.5)
      actionpack (= 3.2.22.5)
      activesupport (= 3.2.22.5)
      rack-ssl (~> 1.3.2)
      rake (>= 0.8.7)
      rdoc (~> 3.4)
      thor (>= 0.14.6, < 2.0)
    rake (11.3.0)
    rdoc (3.9.5)
    ref (2.0.0)
    rspec-core (3.8.0)
      rspec-support (~> 3.8.0)
    rspec-expectations (3.8.0)
      diff-lcs (>= 1.2.0, < 2.0)
      rspec-support (~> 3.8.0)
    rspec-mocks (3.8.0)
      diff-lcs (>= 1.2.0, < 2.0)
      rspec-support (~> 3.8.0)
    rspec-rails (3.8.0)
      actionpack (>= 3.0)
      activesupport (>= 3.0)
      railties (>= 3.0)
      rspec-core (~> 3.8.0)
      rspec-expectations (~> 3.8.0)
      rspec-mocks (~> 3.8.0)
      rspec-support (~> 3.8.0)
    rspec-support (3.8.0)
    sequel (4.49.0)
    sequel-rails (0.9.17)
      actionpack (>= 3.2.0)
      activemodel
      railties (>= 3.2.0)
      sequel (>= 3.28, < 5.0)
    sequel_pg (1.11.0)
      pg (>= 0.18.0)
      sequel (>= 4.38.0)
    sequel_postgresql_triggers (1.4.0)
      sequel
    simple_form (2.1.3)
      actionpack (~> 3.0)
      activemodel (~> 3.0)
    simplecov (0.16.1)
      docile (~> 1.1)
      json (>= 1.8, < 3)
      simplecov-html (~> 0.10.0)
    simplecov-html (0.10.2)
    sprockets (2.2.3)
      hike (~> 1.2)
      multi_json (~> 1.0)
      rack (~> 1.0)
      tilt (~> 1.1, != 1.3.0)
    test-unit (3.2.8)
      power_assert
    therubyracer (0.12.3)
      libv8 (~> 3.16.14.15)
      ref
    thor (0.20.0)
    tilt (1.4.1)
    treetop (1.4.15)
      polyglot
      polyglot (>= 0.3.1)
    tzinfo (0.3.54)
    uglifier (4.1.17)
      execjs (>= 0.3.0, < 3)

PLATFORMS
  ruby
  x86-mingw32

DEPENDENCIES
  byebug (~> 8.2)
  cypress-on-rails (~> 1.0)
  database_cleaner (~> 1.0)
  factory_bot
  jquery-rails (~> 2.0)
  omniauth (~> 1.0)
  pg
  puma
  pundit
  rails (~> 3.2.0)
  rake (~> 11.0)
  rspec-rails
  sequel-rails
  sequel_pg
  sequel_postgresql_triggers
  simple_form (~> 2.0)
  simplecov
  test-unit
  therubyracer (>= 0.9.8)
  uglifier (>= 1.0.3)

BUNDLED WITH
   1.16.3
